PATH
  remote: .
  specs:
    mvn2-say (1.1.0)
      everyday-plugins (~> 1.2)

GEM
  remote: https://rubygems.org/
  specs:
    everyday-cli-utils (1.8.2)
    everyday-plugins (1.2.0)
      everyday-cli-utils (~> 1.7)
    rake (10.4.2)

PLATFORMS
  ruby

DEPENDENCIES
  bundler (~> 1.5)
  mvn2-say!
  rake (~> 10.0)

BUNDLED WITH
   1.10.4
